GEM
  remote: http://rubygems.org/
  specs:
    facter (1.6.13)
    hiera (1.0.0)
    puppet (3.0.1)
      facter (~> 1.6.11)
      hiera (~> 1.0.0)
    puppet-lint (0.3.2)
    rake (0.9.2.2)

PLATFORMS
  ruby

DEPENDENCIES
  puppet
  puppet-lint
  rake
