GEM
  remote: https://rubygems.org/
  specs:
    addressable (2.3.5)
    backports (3.3.3)
    builder (3.2.2)
    coderay (1.0.9)
    diff-lcs (1.2.4)
    ethon (0.6.0)
      ffi (>= 1.3.0)
      mime-types (~> 1.18)
    facter (1.7.2)
    faraday (0.8.8)
      multipart-post (~> 1.2.0)
    faraday_middleware (0.9.0)
      faraday (>= 0.7.4, < 0.9)
    ffi (1.9.0)
    gh (0.11.3)
      addressable
      backports
      faraday (~> 0.8)
      multi_json (~> 1.0)
      net-http-persistent (>= 2.7)
      net-http-pipeline
    hashr (0.0.22)
    hiera (1.2.1)
      json_pure
    highline (1.6.19)
    json_pure (1.8.0)
    kwalify (0.7.2)
    launchy (2.3.0)
      addressable (~> 2.3)
    metaclass (0.0.1)
    method_source (0.8.2)
    mime-types (1.24)
    mocha (0.14.0)
      metaclass (~> 0.0.1)
    multi_json (1.7.9)
    multipart-post (1.2.0)
    net-http-persistent (2.9)
    net-http-pipeline (1.0.1)
    net-scp (1.1.2)
      net-ssh (>= 2.6.5)
    net-ssh (2.6.8)
    netrc (0.7.7)
    nokogiri (1.5.10)
    pry (0.9.12.2)
      coderay (~> 1.0.5)
      method_source (~> 0.8)
      slop (~> 3.4)
    puppet (3.2.4)
      facter (~> 1.6)
      hiera (~> 1.0)
      rgen (~> 0.6.5)
    puppet-lint (0.3.2)
    puppet-syntax (1.0.0)
      puppet (>= 2.7.0)
      rake
    puppetlabs_spec_helper (0.4.1)
      mocha (>= 0.10.5)
      rake
      rspec (>= 2.9.0)
      rspec-puppet (>= 0.1.1)
    pusher-client (0.3.1)
      ruby-hmac (~> 0.4.0)
      websocket (~> 1.0.0)
    rake (10.1.0)
    rbvmomi (1.6.0)
      builder
      nokogiri (>= 1.4.1)
      trollop
    rgen (0.6.5)
    rspec (2.14.1)
      rspec-core (~> 2.14.0)
      rspec-expectations (~> 2.14.0)
      rspec-mocks (~> 2.14.0)
    rspec-core (2.14.5)
    rspec-expectations (2.14.2)
      diff-lcs (>= 1.1.3, < 2.0)
    rspec-mocks (2.14.3)
    rspec-puppet (0.1.6)
      rspec
    rspec-system (2.2.0)
      kwalify (~> 0.7.2)
      net-scp (~> 1.1)
      net-ssh (~> 2.6)
      nokogiri (~> 1.5.9)
      rbvmomi (~> 1.6)
      rspec (~> 2.13)
      systemu (~> 2.5)
    rspec-system-puppet (2.1.0)
      rspec-system (~> 2.0)
    ruby-hmac (0.4.0)
    slop (3.4.6)
    systemu (2.5.2)
    travis (1.5.1)
      backports
      faraday (~> 0.8.7)
      faraday_middleware (~> 0.9)
      gh
      highline (~> 1.6)
      launchy (~> 2.1)
      netrc (~> 0.7)
      pry (~> 0.9)
      pusher-client (~> 0.3, >= 0.3.1)
      typhoeus (~> 0.5)
      websocket-native (~> 1.0)
    travis-lint (1.7.0)
      hashr (~> 0.0.22)
    trollop (2.0)
    typhoeus (0.6.4)
      ethon (~> 0.6.0)
    vagrant-wrapper (1.2.1.1)
    websocket (1.0.7)
    websocket-native (1.0.0)

PLATFORMS
  ruby

DEPENDENCIES
  puppet (~> 3.2.0)
  puppet-lint
  puppet-syntax
  puppetlabs_spec_helper
  rake
  rspec-puppet
  rspec-system-puppet
  travis
  travis-lint
  vagrant-wrapper
